PATH
  remote: .
  specs:
    ezpay-invoice-sdk (0.0.1)

GEM
  remote: https://rubygems.org/
  specs:
    activesupport (7.0.1)
      concurrent-ruby (~> 1.0, >= 1.0.2)
      i18n (>= 1.6, < 2)
      minitest (>= 5.1)
      tzinfo (~> 2.0)
    addressable (2.8.0)
      public_suffix (>= 2.0.2, < 5.0)
    byebug (11.1.3)
    concurrent-ruby (1.1.9)
    diff-lcs (1.5.0)
    domain_name (0.5.20190701)
      unf (>= 0.0.5, < 1.0.0)
    hashie (5.0.0)
    http-accept (1.7.0)
    http-cookie (1.0.4)
      domain_name (~> 0.5)
    i18n (1.8.11)
      concurrent-ruby (~> 1.0)
    mime-types (3.4.1)
      mime-types-data (~> 3.2015)
    mime-types-data (3.2022.0105)
    minitest (5.15.0)
    netrc (0.11.0)
    public_suffix (4.0.6)
    rake (12.3.3)
    rest-client (2.1.0)
      http-accept (>= 1.7.0, < 2.0)
      http-cookie (>= 1.0.2, < 2.0)
      mime-types (>= 1.16, < 4.0)
      netrc (~> 0.8)
    rspec (3.10.0)
      rspec-core (~> 3.10.0)
      rspec-expectations (~> 3.10.0)
      rspec-mocks (~> 3.10.0)
    rspec-core (3.10.1)
      rspec-support (~> 3.10.0)
    rspec-expectations (3.10.1)
      diff-lcs (>= 1.2.0, < 2.0)
      rspec-support (~> 3.10.0)
    rspec-mocks (3.10.2)
      diff-lcs (>= 1.2.0, < 2.0)
      rspec-support (~> 3.10.0)
    rspec-support (3.10.3)
    tzinfo (2.0.4)
      concurrent-ruby (~> 1.0)
    unf (0.1.4)
      unf_ext
    unf_ext (0.0.8)

PLATFORMS
  ruby

DEPENDENCIES
  activesupport
  addressable
  byebug (~> 11.1)
  ezpay-invoice-sdk!
  hashie
  rake (~> 12.0)
  rest-client
  rspec (~> 3.0)

BUNDLED WITH
   2.1.4
